GEM
  remote: https://rubygems.org/
  specs:
    coderay (1.1.3)
    debug (1.6.2)
      irb (>= 1.3.6)
      reline (>= 0.3.1)
    dotenv (2.8.1)
    io-console (0.5.11)
    irb (1.4.1)
      reline (>= 0.3.0)
    method_source (1.0.0)
    multi_json (1.15.0)
    mustermann (2.0.2)
      ruby2_keywords (~> 0.0.1)
    nio4r (2.5.8)
    pry (0.14.1)
      coderay (~> 1.1)
      method_source (~> 1.0)
    puma (5.6.4)
      nio4r (~> 2.0)
    rack (2.2.4)
    rack-protection (2.2.2)
      rack
    reline (0.3.1)
      io-console (~> 0.5)
    ruby2_keywords (0.0.5)
    sinatra (2.2.2)
      mustermann (~> 2.0)
      rack (~> 2.2)
      rack-protection (= 2.2.2)
      tilt (~> 2.0)
    sinatra-contrib (2.2.2)
      multi_json
      mustermann (~> 2.0)
      rack-protection (= 2.2.2)
      sinatra (= 2.2.2)
      tilt (~> 2.0)
    stripe (7.0.0)
    tilt (2.0.11)

PLATFORMS
  ruby

DEPENDENCIES
  debug
  dotenv
  pry
  puma
  sinatra
  sinatra-contrib
  stripe

BUNDLED WITH
   2.3.20
